GIT
  remote: https://github.com/controlshift/juwelier.git
  revision: 3adc48533e898199fd63d94386ea387927376bf3
  branch: various_improvements
  specs:
    juwelier (2.1.2)
      activesupport (>= 3.2.16)
      bluecloth
      builder
      bundler (>= 1.13)
      coveralls
      cucumber (>= 1.1.4)
      git (>= 1.2.5)
      github_api
      highline (>= 1.6.15)
      mhennemeyer-output_catcher
      mocha
      nokogiri (>= 1.5.10)
      rake
      rdoc
      redgreen
      rr (>= 1.0.4)
      semver
      shoulda
      simplecov
      test-construct
      test-unit
      timecop
      yard (>= 0.8.5)

GEM
  remote: http://rubygems.org/
  specs:
    activesupport (4.1.4)
      i18n (~> 0.6, >= 0.6.9)
      json (~> 1.7, >= 1.7.7)
      minitest (~> 5.1)
      thread_safe (~> 0.1)
      tzinfo (~> 1.1)
    addressable (2.4.0)
    bluecloth (2.2.0)
    builder (3.2.2)
    coveralls (0.8.15)
      json (>= 1.8, < 3)
      simplecov (~> 0.12.0)
      term-ansicolor (~> 1.3)
      thor (~> 0.19.1)
      tins (>= 1.6.0, < 2)
    crack (0.4.3)
      safe_yaml (~> 1.0.0)
    cucumber (2.4.0)
      builder (>= 2.1.2)
      cucumber-core (~> 1.5.0)
      cucumber-wire (~> 0.0.1)
      diff-lcs (>= 1.1.3)
      gherkin (~> 4.0)
      multi_json (>= 1.7.5, < 2.0)
      multi_test (>= 0.1.2)
    cucumber-core (1.5.0)
      gherkin (~> 4.0)
    cucumber-wire (0.0.1)
    descendants_tracker (0.0.4)
      thread_safe (~> 0.3, >= 0.3.1)
    diff-lcs (1.2.5)
    docile (1.1.5)
    faraday (0.9.2)
      multipart-post (>= 1.2, < 3)
    faraday_middleware (0.9.1)
      faraday (>= 0.7.4, < 0.10)
    gherkin (4.0.0)
    git (1.3.0)
    github_api (0.12.1)
      addressable (~> 2.3)
      descendants_tracker (~> 0.0.4)
      faraday (~> 0.8, < 0.10)
      hashie (>= 3.2)
      multi_json (>= 1.7.5, < 2.0)
      nokogiri (~> 1.6.3)
      oauth2
    hashdiff (0.3.0)
    hashie (3.2.0)
    highline (1.7.8)
    i18n (0.6.11)
    json (1.8.1)
    jwt (1.5.6)
    metaclass (0.0.4)
    mhennemeyer-output_catcher (1.0.1)
    mini_portile2 (2.1.0)
    minitest (5.4.0)
    mocha (1.2.0)
      metaclass (~> 0.0.1)
    multi_json (1.12.1)
    multi_test (0.1.2)
    multi_xml (0.5.5)
    multipart-post (2.0.0)
    nokogiri (1.6.8.1)
      mini_portile2 (~> 2.1.0)
    oauth2 (1.2.0)
      faraday (>= 0.8, < 0.10)
      jwt (~> 1.0)
      multi_json (~> 1.3)
      multi_xml (~> 0.5)
      rack (>= 1.2, < 3)
    power_assert (0.3.1)
    rack (2.0.1)
    rake (11.3.0)
    rdoc (4.2.2)
      json (~> 1.4)
    redgreen (1.2.2)
    rr (1.2.0)
    rspec (3.3.0)
      rspec-core (~> 3.3.0)
      rspec-expectations (~> 3.3.0)
      rspec-mocks (~> 3.3.0)
    rspec-core (3.3.2)
      rspec-support (~> 3.3.0)
    rspec-expectations (3.3.1)
      diff-lcs (>= 1.2.0, < 2.0)
      rspec-support (~> 3.3.0)
    rspec-its (1.0.1)
      rspec-core (>= 2.99.0.beta1)
      rspec-expectations (>= 2.99.0.beta1)
    rspec-mocks (3.3.2)
      diff-lcs (>= 1.2.0, < 2.0)
      rspec-support (~> 3.3.0)
    rspec-support (3.3.0)
    safe_yaml (1.0.4)
    semver (1.0.1)
    shoulda (3.5.0)
      shoulda-context (~> 1.0, >= 1.0.1)
      shoulda-matchers (>= 1.4.1, < 3.0)
    shoulda-context (1.2.1)
    shoulda-matchers (2.8.0)
      activesupport (>= 3.0.0)
    simplecov (0.12.0)
      docile (~> 1.1.0)
      json (>= 1.8, < 3)
      simplecov-html (~> 0.10.0)
    simplecov-html (0.10.0)
    term-ansicolor (1.4.0)
      tins (~> 1.0)
    test-construct (1.2.2)
    test-unit (3.2.1)
      power_assert
    thor (0.19.1)
    thread_safe (0.3.4)
    timecop (0.8.1)
    tins (1.12.0)
    tzinfo (1.2.1)
      thread_safe (~> 0.1)
    webmock (2.1.0)
      addressable (>= 2.3.6)
      crack (>= 0.3.2)
      hashdiff
    yard (0.9.5)

PLATFORMS
  ruby

DEPENDENCIES
  activesupport
  bundler
  faraday (>= 0.9.2)
  faraday_middleware
  hashie
  juwelier!
  rspec
  rspec-its
  webmock

BUNDLED WITH
   1.13.2
